PATH
  remote: .
  specs:
    keiko_parser (0.0.1)
      nokogiri (~> 1.6.0)

GEM
  remote: https://rubygems.org/
  specs:
    mini_portile (0.5.1)
    nokogiri (1.6.0)
      mini_portile (~> 0.5.0)
    rake (10.1.0)

PLATFORMS
  ruby

DEPENDENCIES
  bundler (~> 1.3)
  keiko_parser!
  rake
